GEM
  remote: http://rubygems.org/
  specs:
    kramdown (0.13.6)

PLATFORMS
  ruby

DEPENDENCIES
  kramdown
